GEM
  remote: https://rubygems.org/
  specs:
    sorbet-runtime (0.5.10028)

PLATFORMS
  x86_64-darwin-19

DEPENDENCIES
  sorbet-runtime (~> 0.5.10028)

BUNDLED WITH
   2.3.3
